NUGET
  remote: https://api.nuget.org/v3/index.json
    Akka (1.3.14) - restriction: >= net461
      NewtonSoft.Json (>= 9.0.1)
      System.Collections.Immutable (>= 1.5)
    Akka.Serialization.Hyperion (1.3.14-beta)
      Akka (>= 1.3.14)
      Hyperion (>= 0.9.8)
    Akka.Streams (1.3.14)
      Akka (>= 1.3.14)
      Reactive.Streams (>= 1.0.2)
    Akkling (0.9.3)
      Akka (>= 1.3.8)
      Akka.Serialization.Hyperion (>= 1.3.8-beta66)
      FSharp.Core (>= 4.3.4)
    Akkling.Streams (0.9.3)
      Akka.Streams (>= 1.3.8)
      Akkling (>= 0.9.3)
      FSharp.Core (>= 4.3.4)
      System.ValueTuple (>= 4.5)
    C5 (2.5.3)
    CsvHelper (12.1.2)
      System.ValueTuple (>= 4.4)
    Expecto (8.12)
      FSharp.Core (>= 4.3.4)
      Mono.Cecil (>= 0.10.3)
    FParsec (1.0.4-RC)
      FSharp.Core (>= 4.0.0.1)
    FSharp.Configuration (2.0)
      FSharp.Core (>= 4.0.0.1)
    FSharp.Core (4.7)
    FsPickler (5.2)
      FSharp.Core (>= 3.1.2)
    Hyperion (0.9.8)
    Mono.Cecil (0.11)
    NewtonSoft.Json (12.0.2)
    Reactive.Streams (1.0.2)
    System.Collections.Immutable (1.5)
    System.ValueTuple (4.5)
